GIT
  remote: git://github.com/crepe/crepe.git
  revision: 5a4508a7d37e63957c4103dbe51235afd7cbf38e
  specs:
    crepe (0.0.1.pre)
      activesupport (>= 4.0.0)
      rack (~> 1.5.x)
      rack-mount (~> 0.8.x)

GIT
  remote: git://github.com/crepe/creperie.git
  revision: 1f3e6a8fb1f35730aea46d1c837a73dfa9200c25
  specs:
    creperie (0.0.1.pre)
      clamp (~> 0.6)
      thor (~> 0.19)

GIT
  remote: git://github.com/swipely/docker-api.git
  revision: 7a97c2f7bd8cb105adafe2f818bf34dcb772845b
  specs:
    docker-api (1.13.0)
      archive-tar-minitar
      excon (>= 0.37.0)
      json

GEM
  remote: https://rubygems.org/
  specs:
    activesupport (4.1.2)
      i18n (~> 0.6, >= 0.6.9)
      json (~> 1.7, >= 1.7.7)
      minitest (~> 5.1)
      thread_safe (~> 0.1)
      tzinfo (~> 1.1)
    addressable (2.3.6)
    app (1.0.3)
    archive-tar-minitar (0.5.2)
    capistrano (3.2.1)
      i18n
      rake (>= 10.0.0)
      sshkit (~> 1.3)
    capistrano-bundler (1.1.2)
      capistrano (~> 3.0)
      sshkit (~> 1.2)
    capistrano-chruby (0.1.2)
      capistrano (~> 3.0)
      sshkit (~> 1.3)
    capistrano3-puma (0.6.0)
      capistrano (~> 3.0)
      puma (>= 2.6)
    clamp (0.6.3)
    coderay (1.1.0)
    colorize (0.7.3)
    diff-lcs (1.2.5)
    excon (0.37.0)
    faraday (0.9.0)
      multipart-post (>= 1.2, < 3)
    i18n (0.6.9)
    json (1.8.1)
    method_source (0.8.2)
    minitest (5.3.5)
    multipart-post (2.0.0)
    net-scp (1.2.1)
      net-ssh (>= 2.6.5)
    net-ssh (2.9.1)
    octokit (3.1.2)
      sawyer (~> 0.5.3)
    pry (0.10.0)
      coderay (~> 1.1.0)
      method_source (~> 0.8.1)
      slop (~> 3.4)
    puma (2.8.2)
      rack (>= 1.1, < 2.0)
    rack (1.5.2)
    rack-mount (0.8.3)
      rack (>= 1.0.0)
    rack-test (0.6.2)
      rack (>= 1.0)
    rake (10.3.2)
    rspec (3.0.0)
      rspec-core (~> 3.0.0)
      rspec-expectations (~> 3.0.0)
      rspec-mocks (~> 3.0.0)
    rspec-core (3.0.2)
      rspec-support (~> 3.0.0)
    rspec-expectations (3.0.2)
      diff-lcs (>= 1.2.0, < 2.0)
      rspec-support (~> 3.0.0)
    rspec-mocks (3.0.2)
      rspec-support (~> 3.0.0)
    rspec-support (3.0.2)
    sawyer (0.5.4)
      addressable (~> 2.3.5)
      faraday (~> 0.8, < 0.10)
    slop (3.5.0)
    sshkit (1.5.1)
      colorize
      net-scp (>= 1.1.2)
      net-ssh (>= 2.8.0)
    thor (0.19.1)
    thread_safe (0.3.4)
    tzinfo (1.2.1)
      thread_safe (~> 0.1)

PLATFORMS
  ruby

DEPENDENCIES
  app
  capistrano (~> 3.2.0)
  capistrano-bundler
  capistrano-chruby
  capistrano3-puma
  crepe!
  creperie!
  docker-api!
  octokit (~> 3.0)
  pry
  puma
  rack-test
  rspec
