GIT
  remote: git://github.com/crepe/crepe.git
  revision: 3016bdadf3543718e3f9be8f69b43ccdb88634c8
  specs:
    crepe (0.0.1.pre)
      activesupport (>= 4.0.0)
      rack (~> 1.5.x)
      rack-mount (~> 0.8.x)

GIT
  remote: git://github.com/crepe/creperie.git
  revision: ebda5f19252ebbe0241d0e8512849c845586dc6e
  specs:
    creperie (0.0.1.pre)
      clamp (~> 0.6)
      thor (~> 0.18)

GEM
  remote: https://rubygems.org/
  specs:
    activesupport (4.1.1)
      i18n (~> 0.6, >= 0.6.9)
      json (~> 1.7, >= 1.7.7)
      minitest (~> 5.1)
      thread_safe (~> 0.1)
      tzinfo (~> 1.1)
    app (1.0.3)
    archive-tar-minitar (0.5.2)
    clamp (0.6.3)
    coderay (1.1.0)
    diff-lcs (1.2.5)
    docker-api (1.10.11)
      archive-tar-minitar
      excon (>= 0.28)
      json
    excon (0.33.0)
    i18n (0.6.9)
    json (1.8.1)
    method_source (0.8.2)
    minitest (5.3.4)
    pry (0.9.12.6)
      coderay (~> 1.0)
      method_source (~> 0.8)
      slop (~> 3.4)
    puma (2.8.2)
      rack (>= 1.1, < 2.0)
    rack (1.5.2)
    rack-mount (0.8.3)
      rack (>= 1.0.0)
    rack-test (0.6.2)
      rack (>= 1.0)
    rspec (2.14.1)
      rspec-core (~> 2.14.0)
      rspec-expectations (~> 2.14.0)
      rspec-mocks (~> 2.14.0)
    rspec-core (2.14.8)
    rspec-expectations (2.14.5)
      diff-lcs (>= 1.1.3, < 2.0)
    rspec-mocks (2.14.6)
    slop (3.5.0)
    thor (0.19.1)
    thread_safe (0.3.4)
    tzinfo (1.2.0)
      thread_safe (~> 0.1)

PLATFORMS
  ruby

DEPENDENCIES
  app
  crepe!
  creperie!
  docker-api
  pry
  puma
  rack-test
  rspec
